STORAGE: NONE
RESTRICTION: == netstandard2.0
NUGET
  remote: https://api.nuget.org/v3/index.json
    FSharp.Core (4.3.1)
    Microsoft.Build.Tasks.Git (1.0.0-beta2-19554-01) - copy_local: true
    Microsoft.SourceLink.Common (1.0.0-beta2-19554-01) - copy_local: true
    Microsoft.SourceLink.GitHub (1.0.0-beta2-19554-01) - copy_local: true
      Microsoft.Build.Tasks.Git (>= 1.0.0-beta2-19554-01)
      Microsoft.SourceLink.Common (>= 1.0.0-beta2-19554-01)

GROUP Build
RESTRICTION: == net461
NUGET
  remote: https://api.nuget.org/v3/index.json
    FAKE (4.64.17)
    FSharp.Compiler.Service (2.0.0.6)
    FSharp.Formatting (2.14.4)
      FSharp.Compiler.Service (2.0.0.6)
      FSharpVSPowerTools.Core (>= 2.3 < 2.4)
    FSharpVSPowerTools.Core (2.3)
      FSharp.Compiler.Service (>= 2.0.0.3)

GROUP NetClassic
STORAGE: NONE
RESTRICTION: == net45
NUGET
  remote: https://api.nuget.org/v3/index.json
    FSharp.Core (3.0.2)
    Microsoft.Build.Tasks.Git (1.0.0-beta2-19554-01) - copy_local: true
    Microsoft.SourceLink.Common (1.0.0-beta2-19554-01) - copy_local: true
    Microsoft.SourceLink.GitHub (1.0.0-beta2-19554-01) - copy_local: true
      Microsoft.Build.Tasks.Git (>= 1.0.0-beta2-19554-01)
      Microsoft.SourceLink.Common (>= 1.0.0-beta2-19554-01)

GROUP Tests
STORAGE: NONE
RESTRICTION: || (== net472) (== netcoreapp3.0)
NUGET
  remote: https://api.nuget.org/v3/index.json
    FSharp.Core (4.7)
    Microsoft.CodeCoverage (16.4)
    Microsoft.DotNet.InternalAbstractions (1.0.0) - version_in_path: true, restriction: || (&& (== net472) (>= netcoreapp1.0)) (== netcoreapp3.0)
      System.AppContext (>= 4.1) - restriction: || (&& (== net472) (< net451)) (== netcoreapp3.0)
      System.Collections (>= 4.0.11) - restriction: || (&& (== net472) (< net451)) (== netcoreapp3.0)
      System.IO (>= 4.1) - restriction: || (&& (== net472) (< net451)) (== netcoreapp3.0)
      System.IO.FileSystem (>= 4.0.1) - restriction: || (&& (== net472) (< net451)) (== netcoreapp3.0)
      System.Reflection.TypeExtensions (>= 4.1) - restriction: || (&& (== net472) (< net451)) (== netcoreapp3.0)
      System.Runtime.Extensions (>= 4.1) - restriction: || (&& (== net472) (< net451)) (== netcoreapp3.0)
      System.Runtime.InteropServices (>= 4.1) - restriction: || (&& (== net472) (< net451)) (== netcoreapp3.0)
      System.Runtime.InteropServices.RuntimeInformation (>= 4.0) - restriction: || (&& (== net472) (< net451)) (== netcoreapp3.0)
    Microsoft.NET.Test.Sdk (16.4)
      Microsoft.CodeCoverage (>= 16.4)
      Microsoft.TestPlatform.TestHost (>= 16.4) - restriction: || (&& (== net472) (>= netcoreapp2.1)) (== netcoreapp3.0)
    Microsoft.NETCore.Platforms (3.0.0) - version_in_path: true, restriction: || (&& (== net472) (>= netcoreapp2.0)) (== netcoreapp3.0)
    Microsoft.NETCore.Targets (3.0.0) - version_in_path: true, restriction: || (&& (== net472) (>= netcoreapp1.0)) (== netcoreapp3.0)
    Microsoft.TestPlatform.ObjectModel (16.4) - restriction: || (&& (== net472) (>= netcoreapp2.1)) (== netcoreapp3.0)
      NuGet.Frameworks (>= 5.0)
    Microsoft.TestPlatform.TestHost (16.4) - restriction: || (&& (== net472) (>= netcoreapp2.1)) (== netcoreapp3.0)
      Microsoft.TestPlatform.ObjectModel (>= 16.4) - restriction: || (&& (== net472) (>= netcoreapp2.1)) (&& (== net472) (>= uap10.0)) (== netcoreapp3.0)
      Newtonsoft.Json (>= 9.0.1) - restriction: || (&& (== net472) (>= netcoreapp2.1)) (&& (== net472) (>= uap10.0)) (== netcoreapp3.0)
    Microsoft.Win32.Primitives (4.3.0) - version_in_path: true, restriction: || (&& (== net472) (>= netcoreapp1.0)) (== netcoreapp3.0)
      Microsoft.NETCore.Platforms (>= 1.1) - restriction: || (&& (== net472) (< net46)) (== netcoreapp3.0)
      Microsoft.NETCore.Targets (>= 1.1) - restriction: || (&& (== net472) (< net46)) (== netcoreapp3.0)
      System.Runtime (>= 4.3) - restriction: || (&& (== net472) (< net46)) (== netcoreapp3.0)
    Microsoft.Win32.Registry (4.6.0) - version_in_path: true, restriction: || (&& (== net472) (>= netcoreapp1.0)) (== netcoreapp3.0)
      System.Security.AccessControl (>= 4.6)
      System.Security.Principal.Windows (>= 4.6)
    NETStandard.Library (2.0.3) - restriction: || (&& (== net472) (< net35)) (== netcoreapp3.0)
      Microsoft.NETCore.Platforms (>= 1.1)
    Newtonsoft.Json (12.0.3) - restriction: || (&& (== net472) (>= netcoreapp2.1)) (== netcoreapp3.0)
    NuGet.Frameworks (5.3.1) - restriction: || (&& (== net472) (>= netcoreapp2.1)) (== netcoreapp3.0)
    NUnit (3.12)
      NETStandard.Library (>= 2.0) - restriction: || (&& (== net472) (< net35)) (== netcoreapp3.0)
    NUnit3TestAdapter (3.15.1) - version_in_path: true
      Microsoft.DotNet.InternalAbstractions (>= 1.0) - restriction: || (&& (== net472) (>= netcoreapp1.0)) (== netcoreapp3.0)
      System.ComponentModel.EventBasedAsync (>= 4.3) - restriction: || (&& (== net472) (>= netcoreapp1.0)) (== netcoreapp3.0)
      System.ComponentModel.TypeConverter (>= 4.3) - restriction: || (&& (== net472) (>= netcoreapp1.0)) (== netcoreapp3.0)
      System.Diagnostics.Process (>= 4.3) - restriction: || (&& (== net472) (>= netcoreapp1.0)) (== netcoreapp3.0)
      System.Reflection (>= 4.3) - restriction: || (&& (== net472) (>= netcoreapp1.0)) (== netcoreapp3.0)
      System.Runtime.InteropServices.RuntimeInformation (>= 4.3) - restriction: || (&& (== net472) (>= netcoreapp1.0)) (== netcoreapp3.0)
      System.Threading.Thread (>= 4.3) - restriction: || (&& (== net472) (>= netcoreapp1.0)) (== netcoreapp3.0)
      System.Xml.XmlDocument (>= 4.3) - restriction: || (&& (== net472) (>= netcoreapp1.0)) (== netcoreapp3.0)
      System.Xml.XPath.XmlDocument (>= 4.3) - restriction: || (&& (== net472) (>= netcoreapp1.0)) (== netcoreapp3.0)
    runtime.native.System (4.3.1) - version_in_path: true, restriction: || (&& (== net472) (>= netcoreapp1.0)) (== netcoreapp3.0)
      Microsoft.NETCore.Platforms (>= 1.1.1)
      Microsoft.NETCore.Targets (>= 1.1.3)
    System.AppContext (4.3.0) - version_in_path: true, restriction: || (&& (== net472) (>= netcoreapp1.0)) (== netcoreapp3.0)
      System.Runtime (>= 4.3) - restriction: || (&& (== net472) (< net46)) (== netcoreapp3.0)
    System.Collections (4.3.0) - version_in_path: true, restriction: || (&& (== net472) (>= netcoreapp1.0)) (== netcoreapp3.0)
      Microsoft.NETCore.Platforms (>= 1.1) - restriction: || (&& (== net472) (< net45)) (== netcoreapp3.0)
      Microsoft.NETCore.Targets (>= 1.1) - restriction: || (&& (== net472) (< net45)) (== netcoreapp3.0)
      System.Runtime (>= 4.3) - restriction: || (&& (== net472) (< net45)) (== netcoreapp3.0)
    System.Collections.NonGeneric (4.3.0) - version_in_path: true, restriction: || (&& (== net472) (>= netcoreapp1.0)) (== netcoreapp3.0)
      System.Diagnostics.Debug (>= 4.3) - restriction: || (&& (== net472) (< net46)) (== netcoreapp3.0)
      System.Globalization (>= 4.3) - restriction: || (&& (== net472) (< net46)) (== netcoreapp3.0)
      System.Resources.ResourceManager (>= 4.3) - restriction: || (&& (== net472) (< net46)) (== netcoreapp3.0)
      System.Runtime (>= 4.3) - restriction: || (&& (== net472) (< net46)) (== netcoreapp3.0)
      System.Runtime.Extensions (>= 4.3) - restriction: || (&& (== net472) (< net46)) (== netcoreapp3.0)
      System.Threading (>= 4.3) - restriction: || (&& (== net472) (< net46)) (== netcoreapp3.0)
    System.Collections.Specialized (4.3.0) - version_in_path: true, restriction: || (&& (== net472) (>= netcoreapp1.0)) (== netcoreapp3.0)
      System.Collections.NonGeneric (>= 4.3) - restriction: || (&& (== net472) (< net46)) (== netcoreapp3.0)
      System.Globalization (>= 4.3) - restriction: || (&& (== net472) (< net46)) (== netcoreapp3.0)
      System.Globalization.Extensions (>= 4.3) - restriction: || (&& (== net472) (< net46)) (== netcoreapp3.0)
      System.Resources.ResourceManager (>= 4.3) - restriction: || (&& (== net472) (< net46)) (== netcoreapp3.0)
      System.Runtime (>= 4.3) - restriction: || (&& (== net472) (< net46)) (== netcoreapp3.0)
      System.Runtime.Extensions (>= 4.3) - restriction: || (&& (== net472) (< net46)) (== netcoreapp3.0)
      System.Threading (>= 4.3) - restriction: || (&& (== net472) (< net46)) (== netcoreapp3.0)
    System.ComponentModel (4.3.0) - version_in_path: true, restriction: || (&& (== net472) (>= netcoreapp1.0)) (== netcoreapp3.0)
      System.Runtime (>= 4.3) - restriction: || (&& (== net472) (< net45)) (== netcoreapp3.0)
    System.ComponentModel.EventBasedAsync (4.3.0) - version_in_path: true, restriction: || (&& (== net472) (>= netcoreapp1.0)) (== netcoreapp3.0)
      System.Resources.ResourceManager (>= 4.3) - restriction: || (&& (== net472) (< net45)) (== netcoreapp3.0)
      System.Runtime (>= 4.3) - restriction: || (&& (== net472) (< net45)) (== netcoreapp3.0)
      System.Threading (>= 4.3) - restriction: || (&& (== net472) (< net45)) (== netcoreapp3.0)
      System.Threading.Tasks (>= 4.3) - restriction: || (&& (== net472) (< net45)) (== netcoreapp3.0)
    System.ComponentModel.Primitives (4.3.0) - version_in_path: true, restriction: || (&& (== net472) (>= netcoreapp1.0)) (== netcoreapp3.0)
      System.ComponentModel (>= 4.3) - restriction: || (&& (== net472) (< net45)) (== netcoreapp3.0)
      System.Resources.ResourceManager (>= 4.3) - restriction: || (&& (== net472) (< net45)) (== netcoreapp3.0)
      System.Runtime (>= 4.3) - restriction: || (&& (== net472) (< net45)) (== netcoreapp3.0)
    System.ComponentModel.TypeConverter (4.3.0) - version_in_path: true, restriction: || (&& (== net472) (>= netcoreapp1.0)) (== netcoreapp3.0)
      System.Collections (>= 4.3) - restriction: || (&& (== net472) (< net45)) (== netcoreapp3.0)
      System.Collections.NonGeneric (>= 4.3)
      System.Collections.Specialized (>= 4.3) - restriction: || (&& (== net472) (< net45)) (== netcoreapp3.0)
      System.ComponentModel (>= 4.3) - restriction: || (&& (== net472) (< net45)) (== netcoreapp3.0)
      System.ComponentModel.Primitives (>= 4.3)
      System.Globalization (>= 4.3) - restriction: || (&& (== net472) (< net45)) (== netcoreapp3.0)
      System.Linq (>= 4.3) - restriction: || (&& (== net472) (< net45)) (== netcoreapp3.0)
      System.Reflection (>= 4.3) - restriction: || (&& (== net472) (< net45)) (== netcoreapp3.0)
      System.Reflection.Extensions (>= 4.3) - restriction: || (&& (== net472) (< net45)) (== netcoreapp3.0)
      System.Reflection.Primitives (>= 4.3) - restriction: || (&& (== net472) (< net45)) (== netcoreapp3.0)
      System.Reflection.TypeExtensions (>= 4.3) - restriction: || (&& (== net472) (< net45)) (== netcoreapp3.0)
      System.Resources.ResourceManager (>= 4.3) - restriction: || (&& (== net472) (< net45)) (== netcoreapp3.0)
      System.Runtime (>= 4.3) - restriction: || (&& (== net472) (< net45)) (== netcoreapp3.0)
      System.Runtime.Extensions (>= 4.3) - restriction: || (&& (== net472) (< net45)) (== netcoreapp3.0)
      System.Threading (>= 4.3) - restriction: || (&& (== net472) (< net45)) (== netcoreapp3.0)
    System.Diagnostics.Debug (4.3.0) - version_in_path: true, restriction: || (&& (== net472) (>= netcoreapp1.0)) (== netcoreapp3.0)
      Microsoft.NETCore.Platforms (>= 1.1) - restriction: || (&& (== net472) (< net45)) (== netcoreapp3.0)
      Microsoft.NETCore.Targets (>= 1.1) - restriction: || (&& (== net472) (< net45)) (== netcoreapp3.0)
      System.Runtime (>= 4.3) - restriction: || (&& (== net472) (< net45)) (== netcoreapp3.0)
    System.Diagnostics.Process (4.3.0) - version_in_path: true, restriction: || (&& (== net472) (>= netcoreapp1.0)) (== netcoreapp3.0)
      Microsoft.NETCore.Platforms (>= 1.1) - restriction: || (&& (== net472) (< net46)) (== netcoreapp3.0)
      Microsoft.Win32.Primitives (>= 4.3) - restriction: || (&& (== net472) (< net46)) (== netcoreapp3.0)
      Microsoft.Win32.Registry (>= 4.3) - restriction: || (&& (== net472) (< net46)) (== netcoreapp3.0)
      runtime.native.System (>= 4.3) - restriction: || (&& (== net472) (< net46)) (== netcoreapp3.0)
      System.Collections (>= 4.3) - restriction: || (&& (== net472) (< net46)) (== netcoreapp3.0)
      System.Diagnostics.Debug (>= 4.3) - restriction: || (&& (== net472) (< net46)) (== netcoreapp3.0)
      System.Globalization (>= 4.3) - restriction: || (&& (== net472) (< net46)) (== netcoreapp3.0)
      System.IO (>= 4.3) - restriction: || (&& (== net472) (< net46)) (== netcoreapp3.0)
      System.IO.FileSystem (>= 4.3) - restriction: || (&& (== net472) (< net46)) (== netcoreapp3.0)
      System.IO.FileSystem.Primitives (>= 4.3) - restriction: || (&& (== net472) (< net46)) (== netcoreapp3.0)
      System.Resources.ResourceManager (>= 4.3) - restriction: || (&& (== net472) (< net46)) (== netcoreapp3.0)
      System.Runtime (>= 4.3) - restriction: || (&& (== net472) (< net46)) (== netcoreapp3.0)
      System.Runtime.Extensions (>= 4.3) - restriction: || (&& (== net472) (< net46)) (== netcoreapp3.0)
      System.Runtime.Handles (>= 4.3) - restriction: || (&& (== net472) (< net46)) (== netcoreapp3.0)
      System.Runtime.InteropServices (>= 4.3) - restriction: || (&& (== net472) (< net46)) (== netcoreapp3.0)
      System.Text.Encoding (>= 4.3) - restriction: || (&& (== net472) (< net46)) (== netcoreapp3.0)
      System.Text.Encoding.Extensions (>= 4.3) - restriction: || (&& (== net472) (< net46)) (== netcoreapp3.0)
      System.Threading (>= 4.3) - restriction: || (&& (== net472) (< net46)) (== netcoreapp3.0)
      System.Threading.Tasks (>= 4.3) - restriction: || (&& (== net472) (< net46)) (== netcoreapp3.0)
      System.Threading.Thread (>= 4.3) - restriction: || (&& (== net472) (< net46)) (== netcoreapp3.0)
      System.Threading.ThreadPool (>= 4.3) - restriction: || (&& (== net472) (< net46)) (== netcoreapp3.0)
    System.Globalization (4.3.0) - version_in_path: true, restriction: || (&& (== net472) (>= netcoreapp1.0)) (== netcoreapp3.0)
      Microsoft.NETCore.Platforms (>= 1.1) - restriction: || (&& (== net472) (< net45)) (== netcoreapp3.0)
      Microsoft.NETCore.Targets (>= 1.1) - restriction: || (&& (== net472) (< net45)) (== netcoreapp3.0)
      System.Runtime (>= 4.3) - restriction: || (&& (== net472) (< net45)) (== netcoreapp3.0)
    System.Globalization.Extensions (4.3.0) - version_in_path: true, restriction: || (&& (== net472) (>= netcoreapp1.0)) (== netcoreapp3.0)
      Microsoft.NETCore.Platforms (>= 1.1) - restriction: || (&& (== net472) (< net46)) (== netcoreapp3.0)
      System.Globalization (>= 4.3) - restriction: || (&& (== net472) (< net46)) (== netcoreapp3.0)
      System.Resources.ResourceManager (>= 4.3) - restriction: || (&& (== net472) (< net46)) (== netcoreapp3.0)
      System.Runtime (>= 4.3) - restriction: || (&& (== net472) (< net46)) (== netcoreapp3.0)
      System.Runtime.Extensions (>= 4.3) - restriction: || (&& (== net472) (< net46)) (== netcoreapp3.0)
      System.Runtime.InteropServices (>= 4.3) - restriction: || (&& (== net472) (< net46)) (== netcoreapp3.0)
    System.IO (4.3.0) - version_in_path: true, restriction: || (&& (== net472) (>= netcoreapp1.0)) (== netcoreapp3.0)
      Microsoft.NETCore.Platforms (>= 1.1) - restriction: || (&& (== net472) (< net45)) (== netcoreapp3.0)
      Microsoft.NETCore.Targets (>= 1.1) - restriction: || (&& (== net472) (< net45)) (== netcoreapp3.0)
      System.Runtime (>= 4.3) - restriction: || (&& (== net472) (< net45)) (== netcoreapp3.0)
      System.Text.Encoding (>= 4.3) - restriction: || (&& (== net472) (< net45)) (== netcoreapp3.0)
      System.Threading.Tasks (>= 4.3) - restriction: || (&& (== net472) (< net45)) (== netcoreapp3.0)
    System.IO.FileSystem (4.3.0) - version_in_path: true, restriction: || (&& (== net472) (>= netcoreapp1.0)) (== netcoreapp3.0)
      Microsoft.NETCore.Platforms (>= 1.1) - restriction: || (&& (== net472) (< net46)) (== netcoreapp3.0)
      Microsoft.NETCore.Targets (>= 1.1) - restriction: || (&& (== net472) (< net46)) (== netcoreapp3.0)
      System.IO (>= 4.3) - restriction: || (&& (== net472) (< net46)) (== netcoreapp3.0)
      System.IO.FileSystem.Primitives (>= 4.3)
      System.Runtime (>= 4.3) - restriction: || (&& (== net472) (< net46)) (== netcoreapp3.0)
      System.Runtime.Handles (>= 4.3) - restriction: || (&& (== net472) (< net46)) (== netcoreapp3.0)
      System.Text.Encoding (>= 4.3) - restriction: || (&& (== net472) (< net46)) (== netcoreapp3.0)
      System.Threading.Tasks (>= 4.3) - restriction: || (&& (== net472) (< net46)) (== netcoreapp3.0)
    System.IO.FileSystem.Primitives (4.3.0) - version_in_path: true, restriction: || (&& (== net472) (>= netcoreapp1.0)) (== netcoreapp3.0)
      System.Runtime (>= 4.3) - restriction: || (&& (== net472) (< net46)) (== netcoreapp3.0)
    System.Linq (4.3.0) - version_in_path: true, restriction: || (&& (== net472) (>= netcoreapp1.0)) (== netcoreapp3.0)
      System.Collections (>= 4.3) - restriction: || (&& (== net472) (< net45)) (== netcoreapp3.0)
      System.Diagnostics.Debug (>= 4.3) - restriction: || (&& (== net472) (< net45)) (== netcoreapp3.0)
      System.Resources.ResourceManager (>= 4.3) - restriction: || (&& (== net472) (< net45)) (== netcoreapp3.0)
      System.Runtime (>= 4.3) - restriction: || (&& (== net472) (< net45)) (== netcoreapp3.0)
      System.Runtime.Extensions (>= 4.3) - restriction: || (&& (== net472) (< net45)) (== netcoreapp3.0)
    System.Reflection (4.3.0) - version_in_path: true, restriction: || (&& (== net472) (>= netcoreapp1.0)) (== netcoreapp3.0)
      Microsoft.NETCore.Platforms (>= 1.1) - restriction: || (&& (== net472) (< net45)) (== netcoreapp3.0)
      Microsoft.NETCore.Targets (>= 1.1) - restriction: || (&& (== net472) (< net45)) (== netcoreapp3.0)
      System.IO (>= 4.3) - restriction: || (&& (== net472) (< net45)) (== netcoreapp3.0)
      System.Reflection.Primitives (>= 4.3) - restriction: || (&& (== net472) (< net45)) (== netcoreapp3.0)
      System.Runtime (>= 4.3) - restriction: || (&& (== net472) (< net45)) (== netcoreapp3.0)
    System.Reflection.Extensions (4.3.0) - version_in_path: true, restriction: || (&& (== net472) (>= netcoreapp1.0)) (== netcoreapp3.0)
      Microsoft.NETCore.Platforms (>= 1.1) - restriction: || (&& (== net472) (< net45)) (== netcoreapp3.0)
      Microsoft.NETCore.Targets (>= 1.1) - restriction: || (&& (== net472) (< net45)) (== netcoreapp3.0)
      System.Reflection (>= 4.3) - restriction: || (&& (== net472) (< net45)) (== netcoreapp3.0)
      System.Runtime (>= 4.3) - restriction: || (&& (== net472) (< net45)) (== netcoreapp3.0)
    System.Reflection.Primitives (4.3.0) - version_in_path: true, restriction: || (&& (== net472) (>= netcoreapp1.0)) (== netcoreapp3.0)
      Microsoft.NETCore.Platforms (>= 1.1) - restriction: || (&& (== net472) (< net45)) (== netcoreapp3.0)
      Microsoft.NETCore.Targets (>= 1.1) - restriction: || (&& (== net472) (< net45)) (== netcoreapp3.0)
      System.Runtime (>= 4.3) - restriction: || (&& (== net472) (< net45)) (== netcoreapp3.0)
    System.Reflection.TypeExtensions (4.6.0) - version_in_path: true, restriction: || (&& (== net472) (>= netcoreapp1.0)) (== netcoreapp3.0)
    System.Resources.ResourceManager (4.3.0) - version_in_path: true, restriction: || (&& (== net472) (>= netcoreapp1.0)) (== netcoreapp3.0)
      Microsoft.NETCore.Platforms (>= 1.1) - restriction: || (&& (== net472) (< net45)) (== netcoreapp3.0)
      Microsoft.NETCore.Targets (>= 1.1) - restriction: || (&& (== net472) (< net45)) (== netcoreapp3.0)
      System.Globalization (>= 4.3) - restriction: || (&& (== net472) (< net45)) (== netcoreapp3.0)
      System.Reflection (>= 4.3) - restriction: || (&& (== net472) (< net45)) (== netcoreapp3.0)
      System.Runtime (>= 4.3) - restriction: || (&& (== net472) (< net45)) (== netcoreapp3.0)
    System.Runtime (4.3.1) - version_in_path: true, restriction: || (&& (== net472) (>= netcoreapp1.0)) (== netcoreapp3.0)
      Microsoft.NETCore.Platforms (>= 1.1.1) - restriction: || (&& (== net472) (< net45)) (== netcoreapp3.0)
      Microsoft.NETCore.Targets (>= 1.1.3) - restriction: || (&& (== net472) (< net45)) (== netcoreapp3.0)
    System.Runtime.Extensions (4.3.1) - version_in_path: true, restriction: || (&& (== net472) (>= netcoreapp1.0)) (== netcoreapp3.0)
      Microsoft.NETCore.Platforms (>= 1.1.1) - restriction: || (&& (== net472) (< net45)) (== netcoreapp3.0)
      Microsoft.NETCore.Targets (>= 1.1.3) - restriction: || (&& (== net472) (< net45)) (== netcoreapp3.0)
      System.Runtime (>= 4.3.1) - restriction: || (&& (== net472) (< net45)) (== netcoreapp3.0)
    System.Runtime.Handles (4.3.0) - version_in_path: true, restriction: || (&& (== net472) (>= netcoreapp1.0)) (== netcoreapp3.0)
      Microsoft.NETCore.Platforms (>= 1.1) - restriction: || (&& (== net472) (< net46)) (== netcoreapp3.0)
      Microsoft.NETCore.Targets (>= 1.1) - restriction: || (&& (== net472) (< net46)) (== netcoreapp3.0)
      System.Runtime (>= 4.3) - restriction: || (&& (== net472) (< net46)) (== netcoreapp3.0)
    System.Runtime.InteropServices (4.3.0) - version_in_path: true, restriction: || (&& (== net472) (>= netcoreapp1.0)) (== netcoreapp3.0)
      Microsoft.NETCore.Platforms (>= 1.1) - restriction: || (&& (== net472) (< net45)) (&& (== net472) (>= netcoreapp1.1)) (== netcoreapp3.0)
      Microsoft.NETCore.Targets (>= 1.1) - restriction: || (&& (== net472) (< net45)) (&& (== net472) (>= netcoreapp1.1)) (== netcoreapp3.0)
      System.Reflection (>= 4.3) - restriction: || (&& (== net472) (< net45)) (&& (== net472) (>= netcoreapp1.1)) (== netcoreapp3.0)
      System.Reflection.Primitives (>= 4.3) - restriction: || (&& (== net472) (< net45)) (&& (== net472) (>= netcoreapp1.1)) (== netcoreapp3.0)
      System.Runtime (>= 4.3)
      System.Runtime.Handles (>= 4.3) - restriction: || (&& (== net472) (< net45)) (&& (== net472) (>= netcoreapp1.1)) (== netcoreapp3.0)
    System.Runtime.InteropServices.RuntimeInformation (4.3.0) - version_in_path: true, restriction: || (&& (== net472) (>= netcoreapp1.0)) (== netcoreapp3.0)
      runtime.native.System (>= 4.3) - restriction: || (&& (== net472) (< net45)) (== netcoreapp3.0)
      System.Reflection (>= 4.3) - restriction: || (&& (== net472) (< net45)) (== netcoreapp3.0)
      System.Reflection.Extensions (>= 4.3) - restriction: || (&& (== net472) (< net45)) (== netcoreapp3.0)
      System.Resources.ResourceManager (>= 4.3) - restriction: || (&& (== net472) (< net45)) (== netcoreapp3.0)
      System.Runtime (>= 4.3) - restriction: || (&& (== net472) (< net45)) (== netcoreapp3.0)
      System.Runtime.InteropServices (>= 4.3) - restriction: || (&& (== net472) (< net45)) (== netcoreapp3.0)
      System.Threading (>= 4.3) - restriction: || (&& (== net472) (< net45)) (== netcoreapp3.0)
    System.Security.AccessControl (4.6.0) - version_in_path: true, restriction: || (&& (== net472) (>= netcoreapp1.0)) (&& (== net472) (>= netcoreapp2.0)) (== netcoreapp3.0)
      Microsoft.NETCore.Platforms (>= 3.0) - restriction: || (&& (== net472) (>= netcoreapp2.0)) (== netcoreapp3.0)
      System.Security.Principal.Windows (>= 4.6)
    System.Security.Principal.Windows (4.6.0) - version_in_path: true, restriction: || (&& (== net472) (>= netcoreapp1.0)) (&& (== net472) (>= netcoreapp2.0)) (== netcoreapp3.0)
    System.Text.Encoding (4.3.0) - version_in_path: true, restriction: || (&& (== net472) (>= netcoreapp1.0)) (== netcoreapp3.0)
      Microsoft.NETCore.Platforms (>= 1.1) - restriction: || (&& (== net472) (< net45)) (== netcoreapp3.0)
      Microsoft.NETCore.Targets (>= 1.1) - restriction: || (&& (== net472) (< net45)) (== netcoreapp3.0)
      System.Runtime (>= 4.3) - restriction: || (&& (== net472) (< net45)) (== netcoreapp3.0)
    System.Text.Encoding.Extensions (4.3.0) - version_in_path: true, restriction: || (&& (== net472) (>= netcoreapp1.0)) (== netcoreapp3.0)
      Microsoft.NETCore.Platforms (>= 1.1) - restriction: || (&& (== net472) (< net45)) (== netcoreapp3.0)
      Microsoft.NETCore.Targets (>= 1.1) - restriction: || (&& (== net472) (< net45)) (== netcoreapp3.0)
      System.Runtime (>= 4.3) - restriction: || (&& (== net472) (< net45)) (== netcoreapp3.0)
      System.Text.Encoding (>= 4.3) - restriction: || (&& (== net472) (< net45)) (== netcoreapp3.0)
    System.Text.RegularExpressions (4.3.1) - version_in_path: true, restriction: || (&& (== net472) (>= netcoreapp1.0)) (== netcoreapp3.0)
      System.Runtime (>= 4.3.1) - restriction: || (&& (== net472) (< net45)) (&& (== net472) (>= netcoreapp1.1)) (== netcoreapp3.0)
    System.Threading (4.3.0) - version_in_path: true, restriction: || (&& (== net472) (>= netcoreapp1.0)) (== netcoreapp3.0)
      System.Runtime (>= 4.3) - restriction: || (&& (== net472) (< net45)) (== netcoreapp3.0)
      System.Threading.Tasks (>= 4.3) - restriction: || (&& (== net472) (< net45)) (== netcoreapp3.0)
    System.Threading.Tasks (4.3.0) - version_in_path: true, restriction: || (&& (== net472) (>= netcoreapp1.0)) (== netcoreapp3.0)
      Microsoft.NETCore.Platforms (>= 1.1) - restriction: || (&& (== net472) (< net45)) (== netcoreapp3.0)
      Microsoft.NETCore.Targets (>= 1.1) - restriction: || (&& (== net472) (< net45)) (== netcoreapp3.0)
      System.Runtime (>= 4.3) - restriction: || (&& (== net472) (< net45)) (== netcoreapp3.0)
    System.Threading.Tasks.Extensions (4.5.3) - version_in_path: true, restriction: || (&& (== net472) (>= netcoreapp1.0)) (== netcoreapp3.0)
    System.Threading.Thread (4.3.0) - version_in_path: true, restriction: || (&& (== net472) (>= netcoreapp1.0)) (== netcoreapp3.0)
      System.Runtime (>= 4.3) - restriction: || (&& (== net472) (< net46)) (== netcoreapp3.0)
    System.Threading.ThreadPool (4.3.0) - version_in_path: true, restriction: || (&& (== net472) (>= netcoreapp1.0)) (== netcoreapp3.0)
      System.Runtime (>= 4.3) - restriction: || (&& (== net472) (< net46)) (== netcoreapp3.0)
      System.Runtime.Handles (>= 4.3) - restriction: || (&& (== net472) (< net46)) (== netcoreapp3.0)
    System.Xml.ReaderWriter (4.3.1) - version_in_path: true, restriction: || (&& (== net472) (>= netcoreapp1.0)) (== netcoreapp3.0)
      System.Collections (>= 4.3) - restriction: || (&& (== net472) (< net45)) (== netcoreapp3.0)
      System.Diagnostics.Debug (>= 4.3) - restriction: || (&& (== net472) (< net45)) (== netcoreapp3.0)
      System.Globalization (>= 4.3) - restriction: || (&& (== net472) (< net45)) (== netcoreapp3.0)
      System.IO (>= 4.3) - restriction: || (&& (== net472) (< net45)) (== netcoreapp3.0)
      System.IO.FileSystem (>= 4.3) - restriction: || (&& (== net472) (< net45)) (== netcoreapp3.0)
      System.IO.FileSystem.Primitives (>= 4.3) - restriction: || (&& (== net472) (< net45)) (== netcoreapp3.0)
      System.Resources.ResourceManager (>= 4.3) - restriction: || (&& (== net472) (< net45)) (== netcoreapp3.0)
      System.Runtime (>= 4.3) - restriction: || (&& (== net472) (< net45)) (== netcoreapp3.0)
      System.Runtime.Extensions (>= 4.3) - restriction: || (&& (== net472) (< net45)) (== netcoreapp3.0)
      System.Runtime.InteropServices (>= 4.3) - restriction: || (&& (== net472) (< net45)) (== netcoreapp3.0)
      System.Text.Encoding (>= 4.3) - restriction: || (&& (== net472) (< net45)) (== netcoreapp3.0)
      System.Text.Encoding.Extensions (>= 4.3) - restriction: || (&& (== net472) (< net45)) (== netcoreapp3.0)
      System.Text.RegularExpressions (>= 4.3) - restriction: || (&& (== net472) (< net45)) (== netcoreapp3.0)
      System.Threading.Tasks (>= 4.3) - restriction: || (&& (== net472) (< net45)) (== netcoreapp3.0)
      System.Threading.Tasks.Extensions (>= 4.3) - restriction: || (&& (== net472) (< net45)) (== netcoreapp3.0)
    System.Xml.XmlDocument (4.3.0) - version_in_path: true, restriction: || (&& (== net472) (>= netcoreapp1.0)) (== netcoreapp3.0)
      System.Collections (>= 4.3) - restriction: || (&& (== net472) (< net46)) (== netcoreapp3.0)
      System.Diagnostics.Debug (>= 4.3) - restriction: || (&& (== net472) (< net46)) (== netcoreapp3.0)
      System.Globalization (>= 4.3) - restriction: || (&& (== net472) (< net46)) (== netcoreapp3.0)
      System.IO (>= 4.3) - restriction: || (&& (== net472) (< net46)) (== netcoreapp3.0)
      System.Resources.ResourceManager (>= 4.3) - restriction: || (&& (== net472) (< net46)) (== netcoreapp3.0)
      System.Runtime (>= 4.3) - restriction: || (&& (== net472) (< net46)) (== netcoreapp3.0)
      System.Runtime.Extensions (>= 4.3) - restriction: || (&& (== net472) (< net46)) (== netcoreapp3.0)
      System.Text.Encoding (>= 4.3) - restriction: || (&& (== net472) (< net46)) (== netcoreapp3.0)
      System.Threading (>= 4.3) - restriction: || (&& (== net472) (< net46)) (== netcoreapp3.0)
      System.Xml.ReaderWriter (>= 4.3) - restriction: || (&& (== net472) (< net46)) (== netcoreapp3.0)
    System.Xml.XPath (4.3.0) - version_in_path: true, restriction: || (&& (== net472) (>= netcoreapp1.0)) (== netcoreapp3.0)
      System.Collections (>= 4.3) - restriction: || (&& (== net472) (< net46)) (== netcoreapp3.0)
      System.Diagnostics.Debug (>= 4.3) - restriction: || (&& (== net472) (< net46)) (== netcoreapp3.0)
      System.Globalization (>= 4.3) - restriction: || (&& (== net472) (< net46)) (== netcoreapp3.0)
      System.IO (>= 4.3) - restriction: || (&& (== net472) (< net46)) (== netcoreapp3.0)
      System.Resources.ResourceManager (>= 4.3) - restriction: || (&& (== net472) (< net46)) (== netcoreapp3.0)
      System.Runtime (>= 4.3) - restriction: || (&& (== net472) (< net46)) (== netcoreapp3.0)
      System.Runtime.Extensions (>= 4.3) - restriction: || (&& (== net472) (< net46)) (== netcoreapp3.0)
      System.Threading (>= 4.3) - restriction: || (&& (== net472) (< net46)) (== netcoreapp3.0)
      System.Xml.ReaderWriter (>= 4.3) - restriction: || (&& (== net472) (< net46)) (== netcoreapp3.0)
    System.Xml.XPath.XmlDocument (4.3.0) - version_in_path: true, restriction: || (&& (== net472) (>= netcoreapp1.0)) (== netcoreapp3.0)
      System.Collections (>= 4.3) - restriction: || (&& (== net472) (< net46)) (== netcoreapp3.0)
      System.Globalization (>= 4.3) - restriction: || (&& (== net472) (< net46)) (== netcoreapp3.0)
      System.IO (>= 4.3) - restriction: || (&& (== net472) (< net46)) (== netcoreapp3.0)
      System.Resources.ResourceManager (>= 4.3) - restriction: || (&& (== net472) (< net46)) (== netcoreapp3.0)
      System.Runtime (>= 4.3) - restriction: || (&& (== net472) (< net46)) (== netcoreapp3.0)
      System.Runtime.Extensions (>= 4.3) - restriction: || (&& (== net472) (< net46)) (== netcoreapp3.0)
      System.Threading (>= 4.3) - restriction: || (&& (== net472) (< net46)) (== netcoreapp3.0)
      System.Xml.ReaderWriter (>= 4.3) - restriction: || (&& (== net472) (< net46)) (== netcoreapp3.0)
      System.Xml.XmlDocument (>= 4.3)
      System.Xml.XPath (>= 4.3)
