STORAGE: NONE
RESTRICTION: == netstandard2.0
NUGET
  remote: https://api.nuget.org/v3/index.json
    FSharp.Core (4.3.1)
    Microsoft.Build.Tasks.Git (1.0.0-beta2-19554-01) - copy_local: true
    Microsoft.SourceLink.Common (1.0.0-beta2-19554-01) - copy_local: true
    Microsoft.SourceLink.GitHub (1.0.0-beta2-19554-01) - copy_local: true
      Microsoft.Build.Tasks.Git (>= 1.0.0-beta2-19554-01)
      Microsoft.SourceLink.Common (>= 1.0.0-beta2-19554-01)

GROUP Build
RESTRICTION: == net472
NUGET
  remote: https://api.nuget.org/v3/index.json
    FAKE (4.64.17)
    FSharp.Compiler.Service (27.0.1)
      FSharp.Core (>= 4.5.2)
      System.Collections.Immutable (>= 1.5)
      System.Reflection.Metadata (>= 1.6)
      System.ValueTuple (>= 4.4)
    FSharp.Compiler.Tools (10.2.3)
    FSharp.Core (4.7)
    FSharp.Formatting (3.1)
      FSharp.Compiler.Service (>= 27.0.1 < 28.0)
      Microsoft.AspNet.Razor (>= 3.2.7 < 4.0)
      System.ValueTuple (>= 4.5 < 5.0)
    Microsoft.AspNet.Razor (3.2.7)
    System.Buffers (4.5)
    System.Collections.Immutable (1.6)
      System.Memory (>= 4.5.3)
    System.Memory (4.5.3)
      System.Buffers (>= 4.4)
      System.Numerics.Vectors (>= 4.4)
      System.Runtime.CompilerServices.Unsafe (>= 4.5.2)
    System.Numerics.Vectors (4.5)
    System.Reflection.Metadata (1.7)
      System.Collections.Immutable (>= 1.6)
    System.Runtime.CompilerServices.Unsafe (4.6)
    System.ValueTuple (4.5)

GROUP NetClassic
STORAGE: NONE
RESTRICTION: == net45
NUGET
  remote: https://api.nuget.org/v3/index.json
    FSharp.Core (3.0.2)
    Microsoft.Build.Tasks.Git (1.0.0-beta2-19554-01) - copy_local: true
    Microsoft.SourceLink.Common (1.0.0-beta2-19554-01) - copy_local: true
    Microsoft.SourceLink.GitHub (1.0.0-beta2-19554-01) - copy_local: true
      Microsoft.Build.Tasks.Git (>= 1.0.0-beta2-19554-01)
      Microsoft.SourceLink.Common (>= 1.0.0-beta2-19554-01)

GROUP Tests
STORAGE: NONE
RESTRICTION: || (== net472) (== netcoreapp3.0)
NUGET
  remote: https://api.nuget.org/v3/index.json
    FSharp.Core (4.7)
    Microsoft.CodeCoverage (16.4)
    Microsoft.NET.Test.Sdk (16.4)
      Microsoft.CodeCoverage (>= 16.4)
      Microsoft.TestPlatform.TestHost (>= 16.4) - restriction: || (&& (== net472) (>= netcoreapp2.1)) (== netcoreapp3.0)
    Microsoft.NETCore.Platforms (3.0) - restriction: || (&& (== net472) (< net45)) (&& (== net472) (< net452)) (&& (== net472) (>= netcoreapp2.0)) (&& (== net472) (< netstandard1.0)) (&& (== net472) (< netstandard1.3) (>= wpa81)) (&& (== net472) (< netstandard1.5) (>= uap10.0)) (&& (== net472) (< portable-net45+win8+wpa81)) (&& (== net472) (>= uap10.1)) (&& (== net472) (>= wp8)) (== netcoreapp3.0)
    Microsoft.TestPlatform.ObjectModel (16.4) - restriction: || (&& (== net472) (>= netcoreapp2.1)) (== netcoreapp3.0)
      NuGet.Frameworks (>= 5.0)
    Microsoft.TestPlatform.TestHost (16.4) - restriction: || (&& (== net472) (>= netcoreapp2.1)) (== netcoreapp3.0)
      Microsoft.TestPlatform.ObjectModel (>= 16.4) - restriction: || (&& (== net472) (>= netcoreapp2.1)) (&& (== net472) (>= uap10.0)) (== netcoreapp3.0)
      Newtonsoft.Json (>= 9.0.1) - restriction: || (&& (== net472) (>= netcoreapp2.1)) (&& (== net472) (>= uap10.0)) (== netcoreapp3.0)
    NETStandard.Library (2.0.3) - restriction: || (&& (== net472) (< net452)) (== netcoreapp3.0)
      Microsoft.NETCore.Platforms (>= 1.1)
    Newtonsoft.Json (12.0.3) - restriction: || (&& (== net472) (>= netcoreapp2.1)) (== netcoreapp3.0)
    NuGet.Frameworks (5.3.1) - restriction: || (&& (== net472) (>= netcoreapp2.1)) (== netcoreapp3.0)
    xunit (2.4.1)
      xunit.analyzers (>= 0.10)
      xunit.assert (2.4.1)
      xunit.core (2.4.1)
    xunit.abstractions (2.0.3)
    xunit.analyzers (0.10)
    xunit.assert (2.4.1)
      NETStandard.Library (>= 1.6.1) - restriction: || (&& (== net472) (< net452)) (== netcoreapp3.0)
    xunit.core (2.4.1)
      xunit.extensibility.core (2.4.1)
      xunit.extensibility.execution (2.4.1)
    xunit.extensibility.core (2.4.1)
      NETStandard.Library (>= 1.6.1) - restriction: || (&& (== net472) (< net452)) (== netcoreapp3.0)
      xunit.abstractions (>= 2.0.3)
    xunit.extensibility.execution (2.4.1)
      NETStandard.Library (>= 1.6.1) - restriction: || (&& (== net472) (< net452)) (== netcoreapp3.0)
      xunit.extensibility.core (2.4.1)
    xunit.runner.visualstudio (2.4.1)
      Microsoft.NET.Test.Sdk (>= 15.0) - restriction: || (&& (== net472) (>= netcoreapp1.0)) (== netcoreapp3.0)
