RESTRICTION: == netstandard2.0
NUGET
  remote: https://api.nuget.org/v3/index.json
    FSharp.Core (4.3.1)

GROUP Build
RESTRICTION: == net461

GROUP FAKE ~> 4.0


GROUP NetClassic
RESTRICTION: == net45
NUGET
  remote: https://api.nuget.org/v3/index.json
    FSharp.Core (3.0.2)

GROUP Tests
REDIRECTS: FORCE
RESTRICTION: || (== net461) (== netcoreapp2.0)
NUGET
  remote: https://api.nuget.org/v3/index.json
    FSharp.Core (4.3.4)
    Microsoft.DotNet.InternalAbstractions (1.0) - restriction: || (&& (== net461) (>= netcoreapp1.0)) (== netcoreapp2.0)
      System.AppContext (>= 4.1) - restriction: || (&& (== net461) (< net451)) (== netcoreapp2.0)
      System.Collections (>= 4.0.11) - restriction: || (&& (== net461) (< net451)) (== netcoreapp2.0)
      System.IO (>= 4.1) - restriction: || (&& (== net461) (< net451)) (== netcoreapp2.0)
      System.IO.FileSystem (>= 4.0.1) - restriction: || (&& (== net461) (< net451)) (== netcoreapp2.0)
      System.Reflection.TypeExtensions (>= 4.1) - restriction: || (&& (== net461) (< net451)) (== netcoreapp2.0)
      System.Runtime.Extensions (>= 4.1) - restriction: || (&& (== net461) (< net451)) (== netcoreapp2.0)
      System.Runtime.InteropServices (>= 4.1) - restriction: || (&& (== net461) (< net451)) (== netcoreapp2.0)
      System.Runtime.InteropServices.RuntimeInformation (>= 4.0) - restriction: || (&& (== net461) (< net451)) (== netcoreapp2.0)
    Microsoft.NETCore.Platforms (2.0.1) - restriction: || (&& (== net461) (>= netcoreapp2.0)) (== netcoreapp2.0)
    Microsoft.NETCore.Targets (2.0) - restriction: || (&& (== net461) (>= netcoreapp1.0)) (== netcoreapp2.0)
    Microsoft.Win32.Primitives (4.3) - restriction: || (&& (== net461) (>= netcoreapp1.0)) (== netcoreapp2.0)
      Microsoft.NETCore.Platforms (>= 1.1) - restriction: || (&& (== net461) (< net46)) (== netcoreapp2.0)
      Microsoft.NETCore.Targets (>= 1.1) - restriction: || (&& (== net461) (< net46)) (== netcoreapp2.0)
      System.Runtime (>= 4.3) - restriction: || (&& (== net461) (< net46)) (== netcoreapp2.0)
    Microsoft.Win32.Registry (4.4) - restriction: || (&& (== net461) (>= netcoreapp1.0)) (== netcoreapp2.0)
      Microsoft.NETCore.Platforms (>= 2.0) - restriction: || (&& (== net461) (>= netcoreapp2.0)) (== netcoreapp2.0)
      System.Security.AccessControl (>= 4.4)
      System.Security.Principal.Windows (>= 4.4)
    NETStandard.Library (2.0.1) - restriction: || (&& (== net461) (< net20) (>= netstandard2.0)) (== netcoreapp2.0)
      Microsoft.NETCore.Platforms (>= 1.1)
    NUnit (3.10.1)
      NETStandard.Library (>= 2.0) - restriction: || (&& (== net461) (< net20) (>= netstandard2.0)) (== netcoreapp2.0)
    NUnit3TestAdapter (3.10)
      Microsoft.DotNet.InternalAbstractions (>= 1.0) - restriction: || (&& (== net461) (>= netcoreapp1.0)) (== netcoreapp2.0)
      System.ComponentModel.EventBasedAsync (>= 4.3) - restriction: || (&& (== net461) (>= netcoreapp1.0)) (== netcoreapp2.0)
      System.ComponentModel.TypeConverter (>= 4.3) - restriction: || (&& (== net461) (>= netcoreapp1.0)) (== netcoreapp2.0)
      System.Diagnostics.Process (>= 4.3) - restriction: || (&& (== net461) (>= netcoreapp1.0)) (== netcoreapp2.0)
      System.Reflection (>= 4.3) - restriction: || (&& (== net461) (>= netcoreapp1.0)) (== netcoreapp2.0)
      System.Runtime.InteropServices.RuntimeInformation (>= 4.3) - restriction: || (&& (== net461) (>= netcoreapp1.0)) (== netcoreapp2.0)
      System.Threading.Thread (>= 4.3) - restriction: || (&& (== net461) (>= netcoreapp1.0)) (== netcoreapp2.0)
      System.Xml.XmlDocument (>= 4.3) - restriction: || (&& (== net461) (>= netcoreapp1.0)) (== netcoreapp2.0)
      System.Xml.XPath.XmlDocument (>= 4.3) - restriction: || (&& (== net461) (>= netcoreapp1.0)) (== netcoreapp2.0)
    runtime.native.System (4.3) - restriction: || (&& (== net461) (>= netcoreapp1.0)) (== netcoreapp2.0)
      Microsoft.NETCore.Platforms (>= 1.1)
      Microsoft.NETCore.Targets (>= 1.1)
    System.AppContext (4.3) - restriction: || (&& (== net461) (>= netcoreapp1.0)) (== netcoreapp2.0)
      System.Runtime (>= 4.3) - restriction: || (&& (== net461) (>= dnxcore50)) (&& (== net461) (< net46)) (== netcoreapp2.0)
    System.Collections (4.3) - restriction: || (&& (== net461) (>= netcoreapp1.0)) (== netcoreapp2.0)
      Microsoft.NETCore.Platforms (>= 1.1) - restriction: || (&& (== net461) (>= dnxcore50)) (&& (== net461) (< net45)) (== netcoreapp2.0)
      Microsoft.NETCore.Targets (>= 1.1) - restriction: || (&& (== net461) (>= dnxcore50)) (&& (== net461) (< net45)) (== netcoreapp2.0)
      System.Runtime (>= 4.3) - restriction: || (&& (== net461) (>= dnxcore50)) (&& (== net461) (< net45)) (== netcoreapp2.0)
    System.Collections.NonGeneric (4.3) - restriction: || (&& (== net461) (>= netcoreapp1.0)) (== netcoreapp2.0)
      System.Diagnostics.Debug (>= 4.3) - restriction: || (&& (== net461) (< net46)) (== netcoreapp2.0)
      System.Globalization (>= 4.3) - restriction: || (&& (== net461) (< net46)) (== netcoreapp2.0)
      System.Resources.ResourceManager (>= 4.3) - restriction: || (&& (== net461) (< net46)) (== netcoreapp2.0)
      System.Runtime (>= 4.3) - restriction: || (&& (== net461) (< net46)) (== netcoreapp2.0)
      System.Runtime.Extensions (>= 4.3) - restriction: || (&& (== net461) (< net46)) (== netcoreapp2.0)
      System.Threading (>= 4.3) - restriction: || (&& (== net461) (< net46)) (== netcoreapp2.0)
    System.Collections.Specialized (4.3) - restriction: || (&& (== net461) (>= netcoreapp1.0)) (== netcoreapp2.0)
      System.Collections.NonGeneric (>= 4.3) - restriction: || (&& (== net461) (< net46)) (== netcoreapp2.0)
      System.Globalization (>= 4.3) - restriction: || (&& (== net461) (< net46)) (== netcoreapp2.0)
      System.Globalization.Extensions (>= 4.3) - restriction: || (&& (== net461) (< net46)) (== netcoreapp2.0)
      System.Resources.ResourceManager (>= 4.3) - restriction: || (&& (== net461) (< net46)) (== netcoreapp2.0)
      System.Runtime (>= 4.3) - restriction: || (&& (== net461) (< net46)) (== netcoreapp2.0)
      System.Runtime.Extensions (>= 4.3) - restriction: || (&& (== net461) (< net46)) (== netcoreapp2.0)
      System.Threading (>= 4.3) - restriction: || (&& (== net461) (< net46)) (== netcoreapp2.0)
    System.ComponentModel (4.3) - restriction: || (&& (== net461) (>= netcoreapp1.0)) (== netcoreapp2.0)
      System.Runtime (>= 4.3) - restriction: || (&& (== net461) (>= dnxcore50)) (&& (== net461) (< net45)) (== netcoreapp2.0)
    System.ComponentModel.EventBasedAsync (4.3) - restriction: || (&& (== net461) (>= netcoreapp1.0)) (== netcoreapp2.0)
      System.Resources.ResourceManager (>= 4.3) - restriction: || (&& (== net461) (>= dnxcore50)) (&& (== net461) (< net45)) (== netcoreapp2.0)
      System.Runtime (>= 4.3) - restriction: || (&& (== net461) (>= dnxcore50)) (&& (== net461) (< net45)) (== netcoreapp2.0)
      System.Threading (>= 4.3) - restriction: || (&& (== net461) (>= dnxcore50)) (&& (== net461) (< net45)) (== netcoreapp2.0)
      System.Threading.Tasks (>= 4.3) - restriction: || (&& (== net461) (>= dnxcore50)) (&& (== net461) (< net45)) (== netcoreapp2.0)
    System.ComponentModel.Primitives (4.3) - restriction: || (&& (== net461) (>= netcoreapp1.0)) (== netcoreapp2.0)
      System.ComponentModel (>= 4.3) - restriction: || (&& (== net461) (< net45)) (== netcoreapp2.0)
      System.Resources.ResourceManager (>= 4.3) - restriction: || (&& (== net461) (< net45)) (== netcoreapp2.0)
      System.Runtime (>= 4.3) - restriction: || (&& (== net461) (< net45)) (== netcoreapp2.0)
    System.ComponentModel.TypeConverter (4.3) - restriction: || (&& (== net461) (>= netcoreapp1.0)) (== netcoreapp2.0)
      System.Collections (>= 4.3) - restriction: || (&& (== net461) (< net45)) (== netcoreapp2.0)
      System.Collections.NonGeneric (>= 4.3) - restriction: || (&& (== net461) (< net45) (>= netstandard1.5)) (&& (== net461) (>= net462)) (== netcoreapp2.0)
      System.Collections.Specialized (>= 4.3) - restriction: || (&& (== net461) (< net45) (>= netstandard1.5)) (== netcoreapp2.0)
      System.ComponentModel (>= 4.3) - restriction: || (&& (== net461) (< net45)) (== netcoreapp2.0)
      System.ComponentModel.Primitives (>= 4.3)
      System.Globalization (>= 4.3) - restriction: || (&& (== net461) (< net45)) (== netcoreapp2.0)
      System.Linq (>= 4.3) - restriction: || (&& (== net461) (< net45) (>= netstandard1.5)) (== netcoreapp2.0)
      System.Reflection (>= 4.3) - restriction: || (&& (== net461) (< net45)) (== netcoreapp2.0)
      System.Reflection.Extensions (>= 4.3) - restriction: || (&& (== net461) (< net45)) (== netcoreapp2.0)
      System.Reflection.Primitives (>= 4.3) - restriction: || (&& (== net461) (< net45)) (== netcoreapp2.0)
      System.Reflection.TypeExtensions (>= 4.3) - restriction: || (&& (== net461) (< net45) (>= netstandard1.5)) (== netcoreapp2.0)
      System.Resources.ResourceManager (>= 4.3) - restriction: || (&& (== net461) (< net45)) (== netcoreapp2.0)
      System.Runtime (>= 4.3) - restriction: || (&& (== net461) (< net45)) (== netcoreapp2.0)
      System.Runtime.Extensions (>= 4.3) - restriction: || (&& (== net461) (< net45)) (== netcoreapp2.0)
      System.Threading (>= 4.3) - restriction: || (&& (== net461) (< net45)) (== netcoreapp2.0)
    System.Diagnostics.Debug (4.3) - restriction: || (&& (== net461) (>= netcoreapp1.0)) (== netcoreapp2.0)
      Microsoft.NETCore.Platforms (>= 1.1) - restriction: || (&& (== net461) (>= dnxcore50)) (&& (== net461) (< net45)) (== netcoreapp2.0)
      Microsoft.NETCore.Targets (>= 1.1) - restriction: || (&& (== net461) (>= dnxcore50)) (&& (== net461) (< net45)) (== netcoreapp2.0)
      System.Runtime (>= 4.3) - restriction: || (&& (== net461) (>= dnxcore50)) (&& (== net461) (< net45)) (== netcoreapp2.0)
    System.Diagnostics.Process (4.3) - restriction: || (&& (== net461) (>= netcoreapp1.0)) (== netcoreapp2.0)
      Microsoft.NETCore.Platforms (>= 1.1) - restriction: || (&& (== net461) (< net46)) (== netcoreapp2.0)
      Microsoft.Win32.Primitives (>= 4.3) - restriction: || (&& (== net461) (< net46)) (== netcoreapp2.0)
      Microsoft.Win32.Registry (>= 4.3) - restriction: || (&& (== net461) (< net46)) (== netcoreapp2.0)
      runtime.native.System (>= 4.3) - restriction: || (&& (== net461) (< net46)) (== netcoreapp2.0)
      System.Collections (>= 4.3) - restriction: || (&& (== net461) (< net46)) (== netcoreapp2.0)
      System.Diagnostics.Debug (>= 4.3) - restriction: || (&& (== net461) (< net46)) (== netcoreapp2.0)
      System.Globalization (>= 4.3) - restriction: || (&& (== net461) (< net46)) (== netcoreapp2.0)
      System.IO (>= 4.3) - restriction: || (&& (== net461) (< net46)) (== netcoreapp2.0)
      System.IO.FileSystem (>= 4.3) - restriction: || (&& (== net461) (< net46)) (== netcoreapp2.0)
      System.IO.FileSystem.Primitives (>= 4.3) - restriction: || (&& (== net461) (< net46)) (== netcoreapp2.0)
      System.Resources.ResourceManager (>= 4.3) - restriction: || (&& (== net461) (< net46)) (== netcoreapp2.0)
      System.Runtime (>= 4.3) - restriction: || (&& (== net461) (< net46)) (== netcoreapp2.0)
      System.Runtime.Extensions (>= 4.3) - restriction: || (&& (== net461) (< net46)) (== netcoreapp2.0)
      System.Runtime.Handles (>= 4.3) - restriction: || (&& (== net461) (< net46)) (== netcoreapp2.0)
      System.Runtime.InteropServices (>= 4.3) - restriction: || (&& (== net461) (< net46)) (== netcoreapp2.0)
      System.Text.Encoding (>= 4.3) - restriction: || (&& (== net461) (< net46)) (== netcoreapp2.0)
      System.Text.Encoding.Extensions (>= 4.3) - restriction: || (&& (== net461) (< net46)) (== netcoreapp2.0)
      System.Threading (>= 4.3) - restriction: || (&& (== net461) (< net46)) (== netcoreapp2.0)
      System.Threading.Tasks (>= 4.3) - restriction: || (&& (== net461) (< net46)) (== netcoreapp2.0)
      System.Threading.Thread (>= 4.3) - restriction: || (&& (== net461) (< net46)) (== netcoreapp2.0)
      System.Threading.ThreadPool (>= 4.3) - restriction: || (&& (== net461) (< net46)) (== netcoreapp2.0)
    System.Globalization (4.3) - restriction: || (&& (== net461) (>= netcoreapp1.0)) (== netcoreapp2.0)
      Microsoft.NETCore.Platforms (>= 1.1) - restriction: || (&& (== net461) (>= dnxcore50)) (&& (== net461) (< net45)) (== netcoreapp2.0)
      Microsoft.NETCore.Targets (>= 1.1) - restriction: || (&& (== net461) (>= dnxcore50)) (&& (== net461) (< net45)) (== netcoreapp2.0)
      System.Runtime (>= 4.3) - restriction: || (&& (== net461) (>= dnxcore50)) (&& (== net461) (< net45)) (== netcoreapp2.0)
    System.Globalization.Extensions (4.3) - restriction: || (&& (== net461) (>= netcoreapp1.0)) (== netcoreapp2.0)
      Microsoft.NETCore.Platforms (>= 1.1) - restriction: || (&& (== net461) (< net46)) (== netcoreapp2.0)
      System.Globalization (>= 4.3) - restriction: || (&& (== net461) (< net46)) (== netcoreapp2.0)
      System.Resources.ResourceManager (>= 4.3) - restriction: || (&& (== net461) (< net46)) (== netcoreapp2.0)
      System.Runtime (>= 4.3) - restriction: || (&& (== net461) (< net46)) (== netcoreapp2.0)
      System.Runtime.Extensions (>= 4.3) - restriction: || (&& (== net461) (< net46)) (== netcoreapp2.0)
      System.Runtime.InteropServices (>= 4.3) - restriction: || (&& (== net461) (< net46)) (== netcoreapp2.0)
    System.IO (4.3) - restriction: || (&& (== net461) (>= netcoreapp1.0)) (== netcoreapp2.0)
      Microsoft.NETCore.Platforms (>= 1.1) - restriction: || (&& (== net461) (>= dnxcore50)) (&& (== net461) (< net45)) (== netcoreapp2.0)
      Microsoft.NETCore.Targets (>= 1.1) - restriction: || (&& (== net461) (>= dnxcore50)) (&& (== net461) (< net45)) (== netcoreapp2.0)
      System.Runtime (>= 4.3) - restriction: || (&& (== net461) (>= dnxcore50)) (&& (== net461) (< net45)) (== netcoreapp2.0)
      System.Text.Encoding (>= 4.3) - restriction: || (&& (== net461) (>= dnxcore50)) (&& (== net461) (< net45)) (== netcoreapp2.0)
      System.Threading.Tasks (>= 4.3) - restriction: || (&& (== net461) (>= dnxcore50)) (&& (== net461) (< net45)) (== netcoreapp2.0)
    System.IO.FileSystem (4.3) - restriction: || (&& (== net461) (>= netcoreapp1.0)) (== netcoreapp2.0)
      Microsoft.NETCore.Platforms (>= 1.1) - restriction: || (&& (== net461) (< net46)) (== netcoreapp2.0)
      Microsoft.NETCore.Targets (>= 1.1) - restriction: || (&& (== net461) (< net46)) (== netcoreapp2.0)
      System.IO (>= 4.3) - restriction: || (&& (== net461) (< net46)) (== netcoreapp2.0)
      System.IO.FileSystem.Primitives (>= 4.3)
      System.Runtime (>= 4.3) - restriction: || (&& (== net461) (< net46)) (== netcoreapp2.0)
      System.Runtime.Handles (>= 4.3) - restriction: || (&& (== net461) (< net46)) (== netcoreapp2.0)
      System.Text.Encoding (>= 4.3) - restriction: || (&& (== net461) (< net46)) (== netcoreapp2.0)
      System.Threading.Tasks (>= 4.3) - restriction: || (&& (== net461) (< net46)) (== netcoreapp2.0)
    System.IO.FileSystem.Primitives (4.3) - restriction: || (&& (== net461) (>= netcoreapp1.0)) (== netcoreapp2.0)
      System.Runtime (>= 4.3) - restriction: || (&& (== net461) (< net46)) (== netcoreapp2.0)
    System.Linq (4.3) - restriction: || (&& (== net461) (>= netcoreapp1.0)) (== netcoreapp2.0)
      System.Collections (>= 4.3) - restriction: || (&& (== net461) (>= dnxcore50)) (&& (== net461) (< net45)) (== netcoreapp2.0)
      System.Diagnostics.Debug (>= 4.3) - restriction: || (&& (== net461) (>= dnxcore50)) (&& (== net461) (< net45) (>= netstandard1.6)) (== netcoreapp2.0)
      System.Resources.ResourceManager (>= 4.3) - restriction: || (&& (== net461) (>= dnxcore50)) (&& (== net461) (< net45) (>= netstandard1.6)) (== netcoreapp2.0)
      System.Runtime (>= 4.3) - restriction: || (&& (== net461) (>= dnxcore50)) (&& (== net461) (< net45)) (== netcoreapp2.0)
      System.Runtime.Extensions (>= 4.3) - restriction: || (&& (== net461) (>= dnxcore50)) (&& (== net461) (< net45) (>= netstandard1.6)) (== netcoreapp2.0)
    System.Reflection (4.3) - restriction: || (&& (== net461) (>= netcoreapp1.0)) (== netcoreapp2.0)
      Microsoft.NETCore.Platforms (>= 1.1) - restriction: || (&& (== net461) (>= dnxcore50)) (&& (== net461) (< net45)) (== netcoreapp2.0)
      Microsoft.NETCore.Targets (>= 1.1) - restriction: || (&& (== net461) (>= dnxcore50)) (&& (== net461) (< net45)) (== netcoreapp2.0)
      System.IO (>= 4.3) - restriction: || (&& (== net461) (>= dnxcore50)) (&& (== net461) (< net45)) (== netcoreapp2.0)
      System.Reflection.Primitives (>= 4.3) - restriction: || (&& (== net461) (>= dnxcore50)) (&& (== net461) (< net45)) (== netcoreapp2.0)
      System.Runtime (>= 4.3) - restriction: || (&& (== net461) (>= dnxcore50)) (&& (== net461) (< net45)) (== netcoreapp2.0)
    System.Reflection.Extensions (4.3) - restriction: || (&& (== net461) (>= netcoreapp1.0)) (== netcoreapp2.0)
      Microsoft.NETCore.Platforms (>= 1.1) - restriction: || (&& (== net461) (>= dnxcore50)) (&& (== net461) (< net45)) (== netcoreapp2.0)
      Microsoft.NETCore.Targets (>= 1.1) - restriction: || (&& (== net461) (>= dnxcore50)) (&& (== net461) (< net45)) (== netcoreapp2.0)
      System.Reflection (>= 4.3) - restriction: || (&& (== net461) (>= dnxcore50)) (&& (== net461) (< net45)) (== netcoreapp2.0)
      System.Runtime (>= 4.3) - restriction: || (&& (== net461) (>= dnxcore50)) (&& (== net461) (< net45)) (== netcoreapp2.0)
    System.Reflection.Primitives (4.3) - restriction: || (&& (== net461) (>= netcoreapp1.0)) (== netcoreapp2.0)
      Microsoft.NETCore.Platforms (>= 1.1) - restriction: || (&& (== net461) (>= dnxcore50)) (&& (== net461) (< net45)) (== netcoreapp2.0)
      Microsoft.NETCore.Targets (>= 1.1) - restriction: || (&& (== net461) (>= dnxcore50)) (&& (== net461) (< net45)) (== netcoreapp2.0)
      System.Runtime (>= 4.3) - restriction: || (&& (== net461) (>= dnxcore50)) (&& (== net461) (< net45)) (== netcoreapp2.0)
    System.Reflection.TypeExtensions (4.4) - restriction: || (&& (== net461) (>= netcoreapp1.0)) (== netcoreapp2.0)
    System.Resources.ResourceManager (4.3) - restriction: || (&& (== net461) (>= netcoreapp1.0)) (== netcoreapp2.0)
      Microsoft.NETCore.Platforms (>= 1.1) - restriction: || (&& (== net461) (>= dnxcore50)) (&& (== net461) (< net45)) (== netcoreapp2.0)
      Microsoft.NETCore.Targets (>= 1.1) - restriction: || (&& (== net461) (>= dnxcore50)) (&& (== net461) (< net45)) (== netcoreapp2.0)
      System.Globalization (>= 4.3) - restriction: || (&& (== net461) (>= dnxcore50)) (&& (== net461) (< net45)) (== netcoreapp2.0)
      System.Reflection (>= 4.3) - restriction: || (&& (== net461) (>= dnxcore50)) (&& (== net461) (< net45)) (== netcoreapp2.0)
      System.Runtime (>= 4.3) - restriction: || (&& (== net461) (>= dnxcore50)) (&& (== net461) (< net45)) (== netcoreapp2.0)
    System.Runtime (4.3) - restriction: || (&& (== net461) (>= netcoreapp1.0)) (== netcoreapp2.0)
      Microsoft.NETCore.Platforms (>= 1.1) - restriction: || (&& (== net461) (>= dnxcore50)) (&& (== net461) (< net45)) (== netcoreapp2.0)
      Microsoft.NETCore.Targets (>= 1.1) - restriction: || (&& (== net461) (>= dnxcore50)) (&& (== net461) (< net45)) (== netcoreapp2.0)
    System.Runtime.Extensions (4.3) - restriction: || (&& (== net461) (>= netcoreapp1.0)) (== netcoreapp2.0)
      Microsoft.NETCore.Platforms (>= 1.1) - restriction: || (&& (== net461) (>= dnxcore50)) (&& (== net461) (< net45)) (== netcoreapp2.0)
      Microsoft.NETCore.Targets (>= 1.1) - restriction: || (&& (== net461) (>= dnxcore50)) (&& (== net461) (< net45)) (== netcoreapp2.0)
      System.Runtime (>= 4.3) - restriction: || (&& (== net461) (>= dnxcore50)) (&& (== net461) (< net45)) (== netcoreapp2.0)
    System.Runtime.Handles (4.3) - restriction: || (&& (== net461) (>= netcoreapp1.0)) (== netcoreapp2.0)
      Microsoft.NETCore.Platforms (>= 1.1) - restriction: || (&& (== net461) (< net46)) (== netcoreapp2.0)
      Microsoft.NETCore.Targets (>= 1.1) - restriction: || (&& (== net461) (< net46)) (== netcoreapp2.0)
      System.Runtime (>= 4.3) - restriction: || (&& (== net461) (< net46)) (== netcoreapp2.0)
    System.Runtime.InteropServices (4.3) - restriction: || (&& (== net461) (>= netcoreapp1.0)) (== netcoreapp2.0)
      Microsoft.NETCore.Platforms (>= 1.1) - restriction: || (&& (== net461) (>= dnxcore50)) (&& (== net461) (< net45)) (&& (== net461) (>= netcoreapp1.1)) (== netcoreapp2.0)
      Microsoft.NETCore.Targets (>= 1.1) - restriction: || (&& (== net461) (>= dnxcore50)) (&& (== net461) (< net45)) (&& (== net461) (>= netcoreapp1.1)) (== netcoreapp2.0)
      System.Reflection (>= 4.3) - restriction: || (&& (== net461) (>= dnxcore50)) (&& (== net461) (< net45)) (&& (== net461) (>= netcoreapp1.1)) (== netcoreapp2.0)
      System.Reflection.Primitives (>= 4.3) - restriction: || (&& (== net461) (>= dnxcore50)) (&& (== net461) (< net45)) (&& (== net461) (>= netcoreapp1.1)) (== netcoreapp2.0)
      System.Runtime (>= 4.3) - restriction: || (&& (== net461) (>= dnxcore50)) (&& (== net461) (< net45)) (&& (== net461) (>= net462)) (&& (== net461) (>= netcoreapp1.1)) (== netcoreapp2.0)
      System.Runtime.Handles (>= 4.3) - restriction: || (&& (== net461) (>= dnxcore50)) (&& (== net461) (< net45)) (&& (== net461) (>= netcoreapp1.1)) (== netcoreapp2.0)
    System.Runtime.InteropServices.RuntimeInformation (4.3) - restriction: || (&& (== net461) (>= netcoreapp1.0)) (== netcoreapp2.0)
      runtime.native.System (>= 4.3) - restriction: || (&& (== net461) (< net45)) (== netcoreapp2.0)
      System.Reflection (>= 4.3) - restriction: || (&& (== net461) (>= dnxcore50)) (&& (== net461) (< net45)) (== netcoreapp2.0)
      System.Reflection.Extensions (>= 4.3) - restriction: || (&& (== net461) (>= dnxcore50)) (&& (== net461) (< net45)) (== netcoreapp2.0)
      System.Resources.ResourceManager (>= 4.3) - restriction: || (&& (== net461) (>= dnxcore50)) (&& (== net461) (< net45)) (== netcoreapp2.0)
      System.Runtime (>= 4.3) - restriction: || (&& (== net461) (>= dnxcore50)) (&& (== net461) (< net45)) (== netcoreapp2.0)
      System.Runtime.InteropServices (>= 4.3) - restriction: || (&& (== net461) (< net45)) (== netcoreapp2.0)
      System.Threading (>= 4.3) - restriction: || (&& (== net461) (>= dnxcore50)) (&& (== net461) (< net45)) (== netcoreapp2.0)
    System.Security.AccessControl (4.4.1) - restriction: || (&& (== net461) (>= netcoreapp1.0)) (&& (== net461) (>= netcoreapp2.0)) (== netcoreapp2.0)
      Microsoft.NETCore.Platforms (>= 2.0) - restriction: || (&& (== net461) (>= netcoreapp2.0)) (== netcoreapp2.0)
      System.Security.Principal.Windows (>= 4.4)
    System.Security.Principal.Windows (4.4.1) - restriction: || (&& (== net461) (>= netcoreapp1.0)) (&& (== net461) (>= netcoreapp2.0)) (== netcoreapp2.0)
      Microsoft.NETCore.Platforms (>= 2.0) - restriction: || (&& (== net461) (>= netcoreapp2.0)) (== netcoreapp2.0)
    System.Text.Encoding (4.3) - restriction: || (&& (== net461) (>= netcoreapp1.0)) (== netcoreapp2.0)
      Microsoft.NETCore.Platforms (>= 1.1) - restriction: || (&& (== net461) (>= dnxcore50)) (&& (== net461) (< net45)) (== netcoreapp2.0)
      Microsoft.NETCore.Targets (>= 1.1) - restriction: || (&& (== net461) (>= dnxcore50)) (&& (== net461) (< net45)) (== netcoreapp2.0)
      System.Runtime (>= 4.3) - restriction: || (&& (== net461) (>= dnxcore50)) (&& (== net461) (< net45)) (== netcoreapp2.0)
    System.Text.Encoding.Extensions (4.3) - restriction: || (&& (== net461) (>= netcoreapp1.0)) (== netcoreapp2.0)
      Microsoft.NETCore.Platforms (>= 1.1) - restriction: || (&& (== net461) (>= dnxcore50)) (&& (== net461) (< net45)) (== netcoreapp2.0)
      Microsoft.NETCore.Targets (>= 1.1) - restriction: || (&& (== net461) (>= dnxcore50)) (&& (== net461) (< net45)) (== netcoreapp2.0)
      System.Runtime (>= 4.3) - restriction: || (&& (== net461) (>= dnxcore50)) (&& (== net461) (< net45)) (== netcoreapp2.0)
      System.Text.Encoding (>= 4.3) - restriction: || (&& (== net461) (>= dnxcore50)) (&& (== net461) (< net45)) (== netcoreapp2.0)
    System.Text.RegularExpressions (4.3) - restriction: || (&& (== net461) (>= netcoreapp1.0)) (== netcoreapp2.0)
      System.Runtime (>= 4.3) - restriction: || (&& (== net461) (>= dnxcore50)) (&& (== net461) (< net45)) (&& (== net461) (>= netcoreapp1.1)) (== netcoreapp2.0)
    System.Threading (4.3) - restriction: || (&& (== net461) (>= netcoreapp1.0)) (== netcoreapp2.0)
      System.Runtime (>= 4.3) - restriction: || (&& (== net461) (>= dnxcore50)) (&& (== net461) (< net45)) (== netcoreapp2.0)
      System.Threading.Tasks (>= 4.3) - restriction: || (&& (== net461) (>= dnxcore50)) (&& (== net461) (< net45)) (== netcoreapp2.0)
    System.Threading.Tasks (4.3) - restriction: || (&& (== net461) (>= netcoreapp1.0)) (== netcoreapp2.0)
      Microsoft.NETCore.Platforms (>= 1.1) - restriction: || (&& (== net461) (>= dnxcore50)) (&& (== net461) (< net45)) (== netcoreapp2.0)
      Microsoft.NETCore.Targets (>= 1.1) - restriction: || (&& (== net461) (>= dnxcore50)) (&& (== net461) (< net45)) (== netcoreapp2.0)
      System.Runtime (>= 4.3) - restriction: || (&& (== net461) (>= dnxcore50)) (&& (== net461) (< net45)) (== netcoreapp2.0)
    System.Threading.Tasks.Extensions (4.4) - restriction: || (&& (== net461) (>= netcoreapp1.0)) (== netcoreapp2.0)
    System.Threading.Thread (4.3) - restriction: || (&& (== net461) (>= netcoreapp1.0)) (== netcoreapp2.0)
      System.Runtime (>= 4.3) - restriction: || (&& (== net461) (< net46)) (== netcoreapp2.0)
    System.Threading.ThreadPool (4.3) - restriction: || (&& (== net461) (>= netcoreapp1.0)) (== netcoreapp2.0)
      System.Runtime (>= 4.3) - restriction: || (&& (== net461) (< net46)) (== netcoreapp2.0)
      System.Runtime.Handles (>= 4.3) - restriction: || (&& (== net461) (< net46)) (== netcoreapp2.0)
    System.Xml.ReaderWriter (4.3.1) - restriction: || (&& (== net461) (>= netcoreapp1.0)) (== netcoreapp2.0)
      System.Collections (>= 4.3) - restriction: || (&& (== net461) (>= dnxcore50)) (&& (== net461) (< net45)) (== netcoreapp2.0)
      System.Diagnostics.Debug (>= 4.3) - restriction: || (&& (== net461) (>= dnxcore50)) (&& (== net461) (< net45)) (== netcoreapp2.0)
      System.Globalization (>= 4.3) - restriction: || (&& (== net461) (>= dnxcore50)) (&& (== net461) (< net45)) (== netcoreapp2.0)
      System.IO (>= 4.3) - restriction: || (&& (== net461) (>= dnxcore50)) (&& (== net461) (< net45)) (== netcoreapp2.0)
      System.IO.FileSystem (>= 4.3) - restriction: || (&& (== net461) (>= dnxcore50)) (&& (== net461) (< net45)) (== netcoreapp2.0)
      System.IO.FileSystem.Primitives (>= 4.3) - restriction: || (&& (== net461) (>= dnxcore50)) (&& (== net461) (< net45)) (== netcoreapp2.0)
      System.Resources.ResourceManager (>= 4.3) - restriction: || (&& (== net461) (>= dnxcore50)) (&& (== net461) (< net45)) (== netcoreapp2.0)
      System.Runtime (>= 4.3) - restriction: || (&& (== net461) (>= dnxcore50)) (&& (== net461) (< net45)) (== netcoreapp2.0)
      System.Runtime.Extensions (>= 4.3) - restriction: || (&& (== net461) (>= dnxcore50)) (&& (== net461) (< net45)) (== netcoreapp2.0)
      System.Runtime.InteropServices (>= 4.3) - restriction: || (&& (== net461) (>= dnxcore50)) (&& (== net461) (< net45)) (== netcoreapp2.0)
      System.Text.Encoding (>= 4.3) - restriction: || (&& (== net461) (>= dnxcore50)) (&& (== net461) (< net45)) (== netcoreapp2.0)
      System.Text.Encoding.Extensions (>= 4.3) - restriction: || (&& (== net461) (>= dnxcore50)) (&& (== net461) (< net45)) (== netcoreapp2.0)
      System.Text.RegularExpressions (>= 4.3) - restriction: || (&& (== net461) (>= dnxcore50)) (&& (== net461) (< net45)) (== netcoreapp2.0)
      System.Threading.Tasks (>= 4.3) - restriction: || (&& (== net461) (>= dnxcore50)) (&& (== net461) (< net45)) (== netcoreapp2.0)
      System.Threading.Tasks.Extensions (>= 4.3) - restriction: || (&& (== net461) (>= dnxcore50)) (&& (== net461) (< net45)) (== netcoreapp2.0)
    System.Xml.XmlDocument (4.3) - restriction: || (&& (== net461) (>= netcoreapp1.0)) (== netcoreapp2.0)
      System.Collections (>= 4.3) - restriction: || (&& (== net461) (< net46)) (== netcoreapp2.0)
      System.Diagnostics.Debug (>= 4.3) - restriction: || (&& (== net461) (< net46)) (== netcoreapp2.0)
      System.Globalization (>= 4.3) - restriction: || (&& (== net461) (< net46)) (== netcoreapp2.0)
      System.IO (>= 4.3) - restriction: || (&& (== net461) (< net46)) (== netcoreapp2.0)
      System.Resources.ResourceManager (>= 4.3) - restriction: || (&& (== net461) (< net46)) (== netcoreapp2.0)
      System.Runtime (>= 4.3) - restriction: || (&& (== net461) (< net46)) (== netcoreapp2.0)
      System.Runtime.Extensions (>= 4.3) - restriction: || (&& (== net461) (< net46)) (== netcoreapp2.0)
      System.Text.Encoding (>= 4.3) - restriction: || (&& (== net461) (< net46)) (== netcoreapp2.0)
      System.Threading (>= 4.3) - restriction: || (&& (== net461) (< net46)) (== netcoreapp2.0)
      System.Xml.ReaderWriter (>= 4.3) - restriction: || (&& (== net461) (< net46)) (== netcoreapp2.0)
    System.Xml.XPath (4.3) - restriction: || (&& (== net461) (>= netcoreapp1.0)) (== netcoreapp2.0)
      System.Collections (>= 4.3) - restriction: || (&& (== net461) (< net46)) (== netcoreapp2.0)
      System.Diagnostics.Debug (>= 4.3) - restriction: || (&& (== net461) (< net46)) (== netcoreapp2.0)
      System.Globalization (>= 4.3) - restriction: || (&& (== net461) (< net46)) (== netcoreapp2.0)
      System.IO (>= 4.3) - restriction: || (&& (== net461) (< net46)) (== netcoreapp2.0)
      System.Resources.ResourceManager (>= 4.3) - restriction: || (&& (== net461) (< net46)) (== netcoreapp2.0)
      System.Runtime (>= 4.3) - restriction: || (&& (== net461) (< net46)) (== netcoreapp2.0)
      System.Runtime.Extensions (>= 4.3) - restriction: || (&& (== net461) (< net46)) (== netcoreapp2.0)
      System.Threading (>= 4.3) - restriction: || (&& (== net461) (< net46)) (== netcoreapp2.0)
      System.Xml.ReaderWriter (>= 4.3) - restriction: || (&& (== net461) (< net46)) (== netcoreapp2.0)
    System.Xml.XPath.XmlDocument (4.3) - restriction: || (&& (== net461) (>= netcoreapp1.0)) (== netcoreapp2.0)
      System.Collections (>= 4.3) - restriction: || (&& (== net461) (< net46)) (== netcoreapp2.0)
      System.Globalization (>= 4.3) - restriction: || (&& (== net461) (< net46)) (== netcoreapp2.0)
      System.IO (>= 4.3) - restriction: || (&& (== net461) (< net46)) (== netcoreapp2.0)
      System.Resources.ResourceManager (>= 4.3) - restriction: || (&& (== net461) (< net46)) (== netcoreapp2.0)
      System.Runtime (>= 4.3) - restriction: || (&& (== net461) (< net46)) (== netcoreapp2.0)
      System.Runtime.Extensions (>= 4.3) - restriction: || (&& (== net461) (< net46)) (== netcoreapp2.0)
      System.Threading (>= 4.3) - restriction: || (&& (== net461) (< net46)) (== netcoreapp2.0)
      System.Xml.ReaderWriter (>= 4.3) - restriction: || (&& (== net461) (< net46)) (== netcoreapp2.0)
      System.Xml.XmlDocument (>= 4.3)
      System.Xml.XPath (>= 4.3)
